GEM
  remote: https://rubygems.org/
  specs:
    byebug (4.0.5)
      columnize (= 0.9.0)
    columnize (0.9.0)
    rake (10.4.2)

PLATFORMS
  ruby

DEPENDENCIES
  byebug (~> 4.0.2)
  rake (~> 10.4.2)
